NUGET
  remote: https://nuget.org/api/v2
  specs:
    FAKE (3.17.13)
    FSharp.Compiler.Service (0.0.85)
    FSharp.Core (3.1.2.1)
    FSharp.Formatting (2.6.3)
      FSharp.Compiler.Service (>= 0.0.81)
    NUnit.Runners (2.6.4)
    Portable.Ninject (3.3.1)
    SimpleInjector (2.7.2)
    Yaaf.AdvancedBuilding (0.3.1)
      FAKE (>= 3.17.13)
      FSharp.Compiler.Service (>= 0.0.82)
      FSharp.Formatting (>= 2.6.3)
